GEM
  remote: https://rubygems.org/
  specs:
    emoji_regex (15.0.0)

PLATFORMS
  arm64-darwin-23
  ruby

DEPENDENCIES
  emoji_regex (= 15.0.0)

BUNDLED WITH
   2.5.3
