GEM
  remote: https://rubygems.org/
  specs:
    emoji_regex (3.2.3)

PLATFORMS
  arm64-darwin-23
  ruby

DEPENDENCIES
  emoji_regex (= 3.2.3)

BUNDLED WITH
   2.5.3
